GEM
  remote: https://rubygems.org/
  specs:
    actionmailer (3.2.13)
      actionpack (= 3.2.13)
      mail (~> 2.5.3)
    actionpack (3.2.13)
      activemodel (= 3.2.13)
      activesupport (= 3.2.13)
      builder (~> 3.0.0)
      erubis (~> 2.7.0)
      journey (~> 1.0.4)
      rack (~> 1.4.5)
      rack-cache (~> 1.2)
      rack-test (~> 0.6.1)
      sprockets (~> 2.2.1)
    active_schema (0.1.0)
      activerecord
      foreigner
      foreigner
    activemodel (3.2.13)
      activesupport (= 3.2.13)
      builder (~> 3.0.0)
    activerecord (3.2.13)
      activemodel (= 3.2.13)
      activesupport (= 3.2.13)
      arel (~> 3.0.2)
      tzinfo (~> 0.3.29)
    activeresource (3.2.13)
      activemodel (= 3.2.13)
      activesupport (= 3.2.13)
    activesupport (3.2.13)
      i18n (= 0.6.1)
      multi_json (~> 1.0)
    addressable (2.3.3)
    ansi (1.3.0)
    arel (3.0.2)
    bcrypt-ruby (3.0.1)
    bootstrap-sass (2.3.0.1)
      sass (~> 3.2)
    builder (3.0.4)
    coffee-rails (3.2.2)
      coffee-script (>= 2.2.0)
      railties (~> 3.2.0)
    coffee-script (2.2.0)
      coffee-script-source
      execjs
    coffee-script-source (1.6.1)
    columnize (0.3.6)
    debugger (1.6.5)
      columnize (>= 0.3.1)
      debugger-linecache (~> 1.2.0)
      debugger-ruby_core_source (~> 1.3.1)
    debugger-linecache (1.2.0)
    debugger-ruby_core_source (1.3.1)
    devise (2.2.3)
      bcrypt-ruby (~> 3.0)
      orm_adapter (~> 0.1)
      railties (~> 3.1)
      warden (~> 1.2.1)
    erubis (2.7.0)
    exception_notification (3.0.1)
      actionmailer (>= 3.0.4)
    excon (0.16.10)
    execjs (1.2.9)
      multi_json (~> 1.0)
    faraday (0.8.4)
      multipart-post (~> 1.1)
    foreigner (1.2.1)
      activerecord (>= 3.0.0)
    foreman (0.62.0)
      thor (>= 0.13.6)
    hashie (1.2.0)
    heroku (2.35.0)
      heroku-api (~> 0.3.7)
      launchy (>= 0.3.2)
      netrc (~> 0.7.7)
      rest-client (~> 1.6.1)
      rubyzip
    heroku-api (0.3.8)
      excon (~> 0.16.10)
    heroku_san (3.0.4)
      activesupport
      heroku (>= 2)
      heroku-api (>= 0.1.2)
      rake
    hike (1.2.2)
    httpauth (0.2.0)
    i18n (0.6.1)
    journey (1.0.4)
    jquery-rails (2.0.3)
      railties (>= 3.1.0, < 5.0)
      thor (~> 0.14)
    json (1.7.7)
    jwt (0.1.5)
      multi_json (>= 1.0)
    kgio (2.6.0)
    launchy (2.2.0)
      addressable (~> 2.3)
    mail (2.5.3)
      i18n (>= 0.4.0)
      mime-types (~> 1.16)
      treetop (~> 1.4.8)
    mime-types (1.23)
    multi_json (1.7.2)
    multipart-post (1.1.5)
    netrc (0.7.7)
    newrelic_rpm (3.6.0.78)
    oauth (0.4.7)
    oauth2 (0.8.0)
      faraday (~> 0.8)
      httpauth (~> 0.1)
      jwt (~> 0.1.4)
      multi_json (~> 1.0)
      rack (~> 1.2)
    omniauth (1.1.1)
      hashie (~> 1.2)
      rack
    omniauth-github (1.0.3)
      omniauth (~> 1.0)
      omniauth-oauth2 (~> 1.1)
    omniauth-oauth (1.0.1)
      oauth
      omniauth (~> 1.0)
    omniauth-oauth2 (1.1.1)
      oauth2 (~> 0.8.0)
      omniauth (~> 1.0)
    omniauth-twitter (0.0.9)
      omniauth-oauth (~> 1.0)
    orm_adapter (0.4.0)
    pg (0.11.0)
    polyglot (0.3.3)
    rack (1.4.5)
    rack-cache (1.2)
      rack (>= 0.4)
    rack-robotz (0.0.3)
      rack
    rack-ssl (1.3.3)
      rack
    rack-test (0.6.2)
      rack (>= 1.0)
    rails (3.2.13)
      actionmailer (= 3.2.13)
      actionpack (= 3.2.13)
      activerecord (= 3.2.13)
      activeresource (= 3.2.13)
      activesupport (= 3.2.13)
      bundler (~> 1.0)
      railties (= 3.2.13)
    railties (3.2.13)
      actionpack (= 3.2.13)
      activesupport (= 3.2.13)
      rack-ssl (~> 1.3.2)
      rake (>= 0.8.7)
      rdoc (~> 3.4)
      thor (>= 0.14.6, < 2.0)
    raindrops (0.8.0)
    rake (10.0.4)
    rdoc (3.12.2)
      json (~> 1.4)
    redcarpet (2.2.2)
    rest-client (1.6.7)
      mime-types (>= 1.16)
    rubyzip (0.9.9)
    sass (3.2.6)
    sass-rails (3.2.6)
      railties (~> 3.2.0)
      sass (>= 3.1.10)
      tilt (~> 1.3)
    settingslogic (2.0.9)
    simple_form (2.0.4)
      actionpack (~> 3.0)
      activemodel (~> 3.0)
    simplecov (0.7.1)
      multi_json (~> 1.0)
      simplecov-html (~> 0.7.1)
    simplecov-html (0.7.1)
    sprockets (2.2.2)
      hike (~> 1.2)
      multi_json (~> 1.0)
      rack (~> 1.0)
      tilt (~> 1.1, != 1.3.0)
    strong_parameters (0.2.0)
      actionpack (~> 3.0)
      activemodel (~> 3.0)
      railties (~> 3.0)
    thor (0.18.1)
    tilt (1.3.7)
    treetop (1.4.12)
      polyglot
      polyglot (>= 0.3.1)
    turn (0.8.3)
      ansi
    tzinfo (0.3.37)
    uglifier (1.0.4)
      execjs (>= 0.3.0)
      multi_json (>= 1.0.2)
    unicorn (4.1.1)
      kgio (~> 2.4)
      rack
      raindrops (~> 0.6)
    warden (1.2.1)
      rack (>= 1.0)

PLATFORMS
  ruby

DEPENDENCIES
  active_schema
  bootstrap-sass (~> 2.3.0.1)
  coffee-rails (~> 3.2.2)
  debugger (~> 1.6.5)
  devise (~> 2.2.3)
  exception_notification
  foreman
  heroku_san (~> 3.0.2)
  jquery-rails (~> 2.0.3)
  newrelic_rpm
  omniauth
  omniauth-github
  omniauth-twitter
  pg
  rack-robotz (~> 0.0.3)
  rails (= 3.2.13)
  redcarpet
  sass-rails (~> 3.2.6)
  settingslogic
  simple_form
  simplecov
  strong_parameters
  turn
  uglifier (>= 1.0.3)
  unicorn
